GENERATE-LOAD-SCRIPTS: ON
STORAGE: NONE
RESTRICTION: == netcoreapp2.1
NUGET
  remote: https://api.nuget.org/v3/index.json
    FParsec (1.1)
      FSharp.Core (>= 4.3.4)
    FSharp.Core (4.7)

GROUP Build
NUGET
  remote: https://www.nuget.org/api/v2
    FAKE (5.16)
    FParsec (1.1)
      FSharp.Core (>= 4.3.4) - restriction: || (>= net45) (>= netstandard2.0)
      System.ValueTuple (>= 4.4) - restriction: >= net45
    FSharp.Core (4.7) - restriction: || (>= net45) (>= netstandard2.0)
    System.ValueTuple (4.5) - restriction: >= net45
